GEM
  remote: https://rubygems.org/
  specs:
    rake (13.1.0)

PLATFORMS
  arm64-darwin-21

DEPENDENCIES
  rake (~> 13.1)

BUNDLED WITH
   2.4.21
